PATH
  remote: .
  specs:
    rahasia (0.0.1.pre.alpha)
      activesupport
      lockbox (~> 0.3.1)
      vault (~> 0.13.0)

GEM
  remote: https://rubygems.org/
  specs:
    activesupport (6.0.2.1)
      concurrent-ruby (~> 1.0, >= 1.0.2)
      i18n (>= 0.7, < 2)
      minitest (~> 5.1)
      tzinfo (~> 1.1)
      zeitwerk (~> 2.2)
    aws-eventstream (1.0.3)
    aws-sigv4 (1.1.0)
      aws-eventstream (~> 1.0, >= 1.0.2)
    concurrent-ruby (1.1.6)
    i18n (1.8.2)
      concurrent-ruby (~> 1.0)
    lockbox (0.3.1)
    minitest (5.14.0)
    thread_safe (0.3.6)
    tzinfo (1.2.6)
      thread_safe (~> 0.1)
    vault (0.13.0)
      aws-sigv4
    zeitwerk (2.2.2)

PLATFORMS
  ruby

DEPENDENCIES
  rahasia!

BUNDLED WITH
   1.17.3
