PATH
  remote: .
  specs:
    rahasia (0.0.1.pre.alpha)
      lockbox (~> 0.3.1)
      vault (~> 0.13.0)

GEM
  remote: https://rubygems.org/
  specs:
    aws-eventstream (1.0.3)
    aws-sigv4 (1.1.0)
      aws-eventstream (~> 1.0, >= 1.0.2)
    lockbox (0.3.1)
    vault (0.13.0)
      aws-sigv4

PLATFORMS
  ruby

DEPENDENCIES
  rahasia!

BUNDLED WITH
   1.17.3
